GEM
  remote: http://rubygems.org/
  specs:
    execjs (1.3.0)
      multi_json (~> 1.0)
    json_pure (1.6.5)
    multi_json (1.1.0)
    thor (0.14.6)
    uglifier (1.2.3)
      execjs (>= 0.3.0)
      multi_json (>= 1.0.2)

PLATFORMS
  ruby

DEPENDENCIES
  json_pure
  thor
  uglifier
